GEM
  remote: https://rubygems.org/
  specs:
    mail (2.6.4)
      mime-types (>= 1.16, < 4)
    mime-types (3.1)
      mime-types-data (~> 3.2015)
    mime-types-data (3.2016.0521)
    mini_portile2 (2.1.0)
    nokogiri (1.6.8)
      mini_portile2 (~> 2.1.0)
      pkg-config (~> 1.1.7)
    pkg-config (1.1.7)

PLATFORMS
  ruby

DEPENDENCIES
  mail
  nokogiri

RUBY VERSION
   ruby 2.3.0p0

BUNDLED WITH
   1.12.5
